PATH
  remote: .
  specs:
    fastly_vcl_upload (0.0.1)
      fastly (~> 1.1.4)
      tilt (~> 1.1)

GEM
  remote: https://rubygems.org/
  specs:
    curb (0.8.6)
    curb-fu (0.6.2)
      curb (>= 0.5.4.0)
      rack-test (>= 0.2.0)
    fastly (1.1.4)
      curb (>= 0.7.15)
      curb-fu (>= 0.6.1)
    rack (1.5.2)
    rack-test (0.6.2)
      rack (>= 1.0)
    rake (10.3.2)
    tilt (1.4.1)

PLATFORMS
  ruby

DEPENDENCIES
  bundler (~> 1.7)
  fastly_vcl_upload!
  rake (~> 10.0)
